PATH
  remote: .
  specs:
    da_funk (3.34.0)
      archive-zip (~> 0.5)
      bundler
      cloudwalk_handshake
      funky-emv
      posxml_parser
      rake

GEM
  remote: https://rubygems.org/
  specs:
    archive-zip (0.12.0)
      io-like (~> 0.3.0)
    ast (2.4.1)
    byebug (11.1.3)
    cloudwalk (1.15.0)
      bundler
      rake
    cloudwalk_handshake (1.21.3)
      funky-simplehttp (~> 0.6)
    docile (1.3.5)
    funky-emv (1.4.1)
      funky-tlv (~> 0.2)
    funky-mock (0.1.0)
    funky-simplehttp (0.6.0)
    funky-tlv (0.2.3)
    io-like (0.3.1)
    minitest (5.14.4)
    parallel (1.19.2)
    parser (2.7.2.0)
      ast (~> 2.4.1)
    posxml_parser (2.26.0)
      funky-emv (~> 1)
    rainbow (3.0.0)
    rake (13.0.1)
    regexp_parser (1.8.2)
    rexml (3.2.4)
    rubocop (1.1.0)
      parallel (~> 1.10)
      parser (>= 2.7.1.5)
      rainbow (>= 2.2.2, < 4.0)
      regexp_parser (>= 1.8)
      rexml
      rubocop-ast (>= 1.0.1)
      ruby-progressbar (~> 1.7)
      unicode-display_width (>= 1.4.0, < 2.0)
    rubocop-ast (1.1.0)
      parser (>= 2.7.1.5)
    ruby-progressbar (1.10.1)
    simplecov (0.18.5)
      docile (~> 1.1)
      simplecov-html (~> 0.11)
    simplecov-html (0.12.3)
    unicode-display_width (1.7.0)
    yard (0.9.25)

PLATFORMS
  ruby
  x64-mingw32
  x86-mingw32

DEPENDENCIES
  byebug
  cloudwalk
  da_funk!
  funky-mock
  funky-simplehttp
  minitest
  rubocop
  simplecov
  yard

BUNDLED WITH
   2.2.7
